GIT
  remote: git://github.com/KensoDev/perform_later.git
  revision: afd40794aa7101c8e73e9f105a064dd9bec47e31
  specs:
    perform_later (1.3.0)
      rails (>= 3.0)
      redis
      resque (> 1.25)
      resque-scheduler

GIT
  remote: git://github.com/rosa-abf/grack.git
  revision: 020be3fef3fb308b9d214252522aa5945bf6584a
  specs:
    grack (0.2.0)

GIT
  remote: git://github.com/rosa-abf/grit.git
  revision: baa333d93615085a8d2304d1f5135bf48f37ed3d
  specs:
    grit (2.5.0)
      diff-lcs (~> 1.1)
      mime-types (~> 1.15)
      posix-spawn (~> 0.3.6)

GEM
  remote: https://rubygems.org/
  specs:
    RedCloth (4.2.9)
    actionmailer (4.0.3)
      actionpack (= 4.0.3)
      mail (~> 2.5.4)
    actionpack (4.0.3)
      activesupport (= 4.0.3)
      builder (~> 3.1.0)
      erubis (~> 2.7.0)
      rack (~> 1.5.2)
      rack-test (~> 0.6.2)
    activemodel (4.0.3)
      activesupport (= 4.0.3)
      builder (~> 3.1.0)
    activerecord (4.0.3)
      activemodel (= 4.0.3)
      activerecord-deprecated_finders (~> 1.0.2)
      activesupport (= 4.0.3)
      arel (~> 4.0.0)
    activerecord-deprecated_finders (1.0.3)
    activesupport (4.0.3)
      i18n (~> 0.6, >= 0.6.4)
      minitest (~> 4.2)
      multi_json (~> 1.3)
      thread_safe (~> 0.1)
      tzinfo (~> 0.3.37)
    airbrake (3.1.15)
      builder
      multi_json
    ancestry (2.0.0)
      activerecord (>= 3.0.0)
    angular-i18n (0.1.2)
    angularjs-rails (1.2.7)
    arel (4.0.2)
    atomic (1.1.15)
    attr_encrypted (1.3.2)
      encryptor (>= 1.3.0)
    bcrypt (3.1.7)
    bcrypt-ruby (3.1.5)
      bcrypt (>= 3.1.3)
    better_errors (1.1.0)
      coderay (>= 1.0.0)
      erubis (>= 2.6.6)
    binding_of_caller (0.7.2)
      debug_inspector (>= 0.0.1)
    bluepill (0.0.64)
      activesupport (>= 3.0.0)
      daemons (~> 1.1.4)
      i18n (>= 0.5.0)
      state_machine (~> 1.1)
    builder (3.1.4)
    callsite (0.0.11)
    cancan (1.6.10)
    cape (1.8.0)
    capistrano (2.15.5)
      highline
      net-scp (>= 1.0.0)
      net-sftp (>= 2.0.0)
      net-ssh (>= 2.0.14)
      net-ssh-gateway (>= 1.1.0)
    capistrano_colors (0.5.5)
    charlock_holmes (0.6.9.4)
    chronic (0.10.2)
    chunky_png (1.3.0)
    climate_control (0.0.3)
      activesupport (>= 3.0)
    cocaine (0.5.3)
      climate_control (>= 0.0.3, < 1.0)
    coderay (1.1.0)
    coffee-rails (4.0.1)
      coffee-script (>= 2.2.0)
      railties (>= 4.0.0, < 5.0)
    coffee-script (2.2.0)
      coffee-script-source
      execjs
    coffee-script-source (1.7.0)
    compass (0.12.2)
      chunky_png (~> 1.2)
      fssm (>= 0.2.7)
      sass (~> 3.1)
    compass-rails (1.1.3)
      compass (>= 0.12.2)
    creole (0.5.0)
    daemons (1.1.9)
    debug_inspector (0.0.2)
    devise (3.2.3)
      bcrypt-ruby (~> 3.0)
      orm_adapter (~> 0.1)
      railties (>= 3.2.6, < 5)
      thread_safe (~> 0.1)
      warden (~> 1.2.3)
    diff-display (0.0.1)
    diff-lcs (1.2.5)
    encryptor (1.3.0)
    erubis (2.7.0)
    escape_utils (1.0.1)
    eventmachine (1.0.3)
    execjs (2.0.2)
    expression_parser (0.9.0)
    factory_girl (4.4.0)
      activesupport (>= 3.0.0)
    factory_girl_rails (4.4.1)
      factory_girl (~> 4.4.0)
      railties (>= 3.0.0)
    faraday (0.9.0)
      multipart-post (>= 1.2, < 3)
    ffi (1.9.3)
    friendly_id (5.0.3)
      activerecord (>= 4.0.0)
    fssm (0.2.10)
    gemoji (1.2.1)
    github-linguist (2.10.9)
      charlock_holmes (~> 0.6.6)
      escape_utils (>= 0.3.1)
      mime-types (~> 1.19)
      pygments.rb (~> 0.5.4)
    github-markup (0.7.5)
    gitlab-grit (2.6.0)
      charlock_holmes (~> 0.6.9)
      diff-lcs (~> 1.1)
      mime-types (~> 1.15)
      posix-spawn (~> 0.3.6)
    gli (2.9.0)
    gollum-lib (2.0.0)
      github-markup (>= 0.7.5, < 1.0.0)
      gitlab-grit (= 2.6.0)
      nokogiri (~> 1.6.0)
      rouge (~> 1.3.1)
      sanitize (~> 2.0.6)
      stringex (~> 2.1.0)
    haml (4.0.5)
      tilt
    haml-rails (0.5.3)
      actionpack (>= 4.0.1)
      activesupport (>= 4.0.1)
      haml (>= 3.1, < 5.0)
      railties (>= 4.0.1)
    hashie (2.0.5)
    highline (1.6.20)
    hike (1.2.3)
    hirb (0.7.1)
    i18n (0.6.9)
    jbuilder (2.0.3)
      activesupport (>= 3.0.0)
      multi_json (>= 1.2.0)
    jquery-rails (3.1.0)
      railties (>= 3.0, < 5.0)
      thor (>= 0.14, < 2.0)
    js-routes (0.9.6)
      rails (>= 3.2)
    json (1.8.1)
    jwt (0.1.11)
      multi_json (>= 1.5)
    libv8 (3.16.14.3)
    localeapp (0.7.1)
      gli
      i18n
      json
      rack
      rest-client
      ya2yaml
    logglier (0.2.11)
    mail (2.5.4)
      mime-types (~> 1.16)
      treetop (~> 1.4.8)
    mailcatcher (0.2.4)
      eventmachine
      haml
      i18n
      json
      mail
      sinatra
      skinny (>= 0.1.2)
      sqlite3-ruby
      thin
    meta-tags (1.5.0)
      actionpack
    meta_request (0.2.8)
      callsite
      rack-contrib
      railties
    mime-types (1.25.1)
    mini_portile (0.5.2)
    minitest (4.7.5)
    mock_redis (0.11.0)
    momentjs-rails (2.5.0)
      railties (>= 3.1)
    mono_logger (1.1.0)
    multi_json (1.8.4)
    multi_xml (0.5.5)
    multipart-post (2.0.0)
    nest (1.1.2)
      redis
    net-scp (1.1.2)
      net-ssh (>= 2.6.5)
    net-sftp (2.1.2)
      net-ssh (>= 2.6.5)
    net-ssh (2.8.0)
    net-ssh-gateway (1.2.0)
      net-ssh (>= 2.6.5)
    newrelic_rpm (3.7.2.195)
    ng-rails-csrf (0.1.0)
    nokogiri (1.6.1)
      mini_portile (~> 0.5.0)
    oauth2 (0.9.3)
      faraday (>= 0.8, < 0.10)
      jwt (~> 0.1.8)
      multi_json (~> 1.3)
      multi_xml (~> 0.5)
      rack (~> 1.2)
    ohm (1.3.2)
      nest (~> 1.0)
      redis
      scrivener (~> 0.0.3)
    ohm-expire (0.1.3.2)
      ohm (>= 0.1.5)
    omniauth (1.2.1)
      hashie (>= 1.2, < 3)
      rack (~> 1.0)
    omniauth-facebook (1.6.0)
      omniauth-oauth2 (~> 1.1)
    omniauth-github (1.1.1)
      omniauth (~> 1.0)
      omniauth-oauth2 (~> 1.1)
    omniauth-google-oauth2 (0.2.2)
      omniauth (~> 1.0)
      omniauth-oauth2
    omniauth-oauth2 (1.1.2)
      faraday (>= 0.8, < 0.10)
      multi_json (~> 1.3)
      oauth2 (~> 0.9.3)
      omniauth (~> 1.2)
    orm_adapter (0.5.0)
    paperclip (4.1.1)
      activemodel (>= 3.0.0)
      activesupport (>= 3.0.0)
      cocaine (~> 0.5.3)
      mime-types
    pg (0.17.1)
    polyglot (0.3.4)
    posix-spawn (0.3.8)
    protected_attributes (1.0.5)
      activemodel (>= 4.0.1, < 5.0)
    puma (2.7.1)
      rack (>= 1.1, < 2.0)
    pygments.rb (0.5.4)
      posix-spawn (~> 0.3.6)
      yajl-ruby (~> 1.1.0)
    rack (1.5.2)
    rack-contrib (1.1.0)
      rack (>= 0.9.1)
    rack-protection (1.5.2)
      rack
    rack-test (0.6.2)
      rack (>= 1.0)
    rack-throttle (0.3.0)
      rack (>= 1.0.0)
    rails (4.0.3)
      actionmailer (= 4.0.3)
      actionpack (= 4.0.3)
      activerecord (= 4.0.3)
      activesupport (= 4.0.3)
      bundler (>= 1.3.0, < 2.0)
      railties (= 4.0.3)
      sprockets-rails (~> 2.0.0)
    rails-observers (0.1.2)
      activemodel (~> 4.0)
    rails3-generators (1.0.0)
      railties (>= 3.0.0)
    rails3-jquery-autocomplete (1.0.12)
      rails (>= 3.0)
    railties (4.0.3)
      actionpack (= 4.0.3)
      activesupport (= 4.0.3)
      rake (>= 0.8.7)
      thor (>= 0.18.1, < 2.0)
    rake (10.1.1)
    rdiscount (2.1.7)
    redcarpet (3.1.1)
    redis (3.0.7)
    redis-actionpack (4.0.0)
      actionpack (~> 4)
      redis-rack (~> 1.5.0)
      redis-store (~> 1.1.0)
    redis-activesupport (4.0.0)
      activesupport (~> 4)
      redis-store (~> 1.1.0)
    redis-namespace (1.4.1)
      redis (~> 3.0.4)
    redis-rack (1.5.0)
      rack (~> 1.5)
      redis-store (~> 1.1.0)
    redis-rails (4.0.0)
      redis-actionpack (~> 4)
      redis-activesupport (~> 4)
      redis-store (~> 1.1.0)
    redis-store (1.1.4)
      redis (>= 2.2)
    ref (1.0.5)
    resque (1.25.1)
      mono_logger (~> 1.0)
      multi_json (~> 1.0)
      redis-namespace (~> 1.2)
      sinatra (>= 0.9.2)
      vegas (~> 0.1.2)
    resque-scheduler (2.5.4)
      redis (~> 3.0.4)
      resque (~> 1.25.1)
      rufus-scheduler (~> 2.0.24)
    resque-status (0.4.2)
      resque (~> 1.19)
    resque_mailer (2.2.6)
      actionmailer (>= 3.0)
    rest-client (1.6.7)
      mime-types (>= 1.16)
    rinku (1.7.3)
    rouge (1.3.2)
    rr (1.1.2)
    rspec-core (2.14.7)
    rspec-expectations (2.14.5)
      diff-lcs (>= 1.1.3, < 2.0)
    rspec-mocks (2.14.6)
    rspec-rails (2.14.1)
      actionpack (>= 3.0)
      activemodel (>= 3.0)
      activesupport (>= 3.0)
      railties (>= 3.0)
      rspec-core (~> 2.14.0)
      rspec-expectations (~> 2.14.0)
      rspec-mocks (~> 2.14.0)
    ruby-haml-js (0.0.5)
      execjs
      sprockets (>= 2.0.0)
    rufus-scheduler (2.0.24)
      tzinfo (>= 0.3.22)
    russian (0.6.0)
      i18n (>= 0.5.0)
    rvm-capistrano (1.5.1)
      capistrano (~> 2.15.4)
    sanitize (2.0.6)
      nokogiri (>= 1.4.4)
    sass (3.2.14)
    sass-rails (4.0.1)
      railties (>= 4.0.0, < 5.0)
      sass (>= 3.1.10)
      sprockets-rails (~> 2.0.0)
    schema_plus (1.4.0)
      rails (>= 3.2)
      valuable
    scrivener (0.0.3)
    shotgun (0.9)
      rack (>= 1.0)
    shoulda (3.5.0)
      shoulda-context (~> 1.0, >= 1.0.1)
      shoulda-matchers (>= 1.4.1, < 3.0)
    shoulda-context (1.1.6)
    shoulda-matchers (2.5.0)
      activesupport (>= 3.0.0)
    sinatra (1.4.4)
      rack (~> 1.4)
      rack-protection (~> 1.4)
      tilt (~> 1.3, >= 1.3.4)
    skinny (0.2.3)
      eventmachine (~> 1.0.0)
      thin (~> 1.5.0)
    skype (0.2.7)
      tmp_cache
    soundmanager-rails (1.0.0)
    sprockets (2.11.0)
      hike (~> 1.2)
      multi_json (~> 1.0)
      rack (~> 1.0)
      tilt (~> 1.1, != 1.3.0)
    sprockets-rails (2.0.1)
      actionpack (>= 3.0)
      activesupport (>= 3.0)
      sprockets (~> 2.8)
    sqlite3 (1.3.9)
    sqlite3-ruby (1.3.3)
      sqlite3 (>= 1.3.3)
    state_machine (1.2.0)
    stringex (2.1.2)
    therubyracer (0.12.1)
      libv8 (~> 3.16.14.0)
      ref
    thin (1.5.1)
      daemons (>= 1.0.9)
      eventmachine (>= 0.12.6)
      rack (>= 1.0.0)
    thor (0.18.1)
    thread_safe (0.2.0)
      atomic (>= 1.1.7, < 2)
    tilt (1.4.1)
    time_diff (0.3.0)
      activesupport
      i18n
    tmp_cache (0.1.1)
    treetop (1.4.15)
      polyglot
      polyglot (>= 0.3.1)
    tzinfo (0.3.38)
    uglifier (2.4.0)
      execjs (>= 0.3.0)
      json (>= 1.8.0)
    underscore-rails (1.5.2)
    valuable (0.9.8)
    vegas (0.1.11)
      rack (>= 1.0.0)
    warden (1.2.3)
      rack (>= 1.0)
    whenever (0.9.0)
      activesupport (>= 2.3.4)
      chronic (>= 0.6.3)
    wikicloth (0.8.1)
      builder
      expression_parser
      rinku
    will_paginate (3.0.5)
    ya2yaml (0.31)
    yajl-ruby (1.1.0)

PLATFORMS
  ruby

DEPENDENCIES
  RedCloth
  airbrake (~> 3.1.2)
  ancestry (~> 2.0.0)
  angular-i18n (= 0.1.2)
  angularjs-rails
  attr_encrypted (~> 1.3.2)
  better_errors
  binding_of_caller
  bluepill (~> 0.0.60)
  cancan (= 1.6.10)
  cape
  capistrano
  capistrano_colors
  charlock_holmes (~> 0.6.9)
  coffee-rails (~> 4.0.1)
  compass-rails (~> 1.1.3)
  creole
  devise (~> 3.2.3)
  diff-display (~> 0.0.1)
  factory_girl_rails (~> 4.4.1)
  ffi (~> 1.9.3)
  friendly_id (~> 5.0.3)
  gemoji (~> 1.2.1)
  github-linguist (~> 2.10)
  gollum-lib (~> 2.0)
  grack!
  grit!
  haml-rails (~> 0.5)
  highline (~> 1.6.20)
  hirb
  jbuilder (~> 2.0.3)
  jquery-rails (~> 3.1)
  js-routes
  localeapp
  logglier
  mailcatcher
  meta-tags (~> 1.5)
  meta_request
  mock_redis (~> 0.11)
  momentjs-rails
  newrelic_rpm
  ng-rails-csrf
  ohm (~> 1.3.2)
  ohm-expire (~> 0.1.3)
  omniauth
  omniauth-facebook
  omniauth-github
  omniauth-google-oauth2
  paperclip (~> 4.1.1)
  perform_later!
  pg (~> 0.17.1)
  protected_attributes
  puma
  rack-throttle (~> 0.3.0)
  rails (= 4.0.3)
  rails-observers
  rails3-generators
  rails3-jquery-autocomplete (~> 1.0)
  rake
  rdiscount
  redcarpet (~> 3.1.1)
  redis-rails (~> 4.0)
  resque (~> 1.25)
  resque-scheduler (~> 2.5.4)
  resque-status (~> 0.4.2)
  resque_mailer (~> 2.2)
  rest-client (~> 1.6.7)
  rr (~> 1.1.2)
  rspec-rails (~> 2.14.1)
  ruby-haml-js (~> 0.0.5)
  russian (~> 0.6.0)
  rvm-capistrano
  sass-rails (~> 4.0.1)
  schema_plus (~> 1.4.0)
  shotgun
  shoulda
  skype
  soundmanager-rails
  state_machine (~> 1.2)
  therubyracer (~> 0.12.1)
  therubyrhino (~> 1.73.1)
  time_diff
  uglifier (~> 2.4)
  underscore-rails
  whenever (~> 0.9.0)
  wikicloth
  will_paginate (~> 3.0.5)
