GIT
  remote: git://github.com/chipiga/redhillonrails_core.git
  revision: 5f58167c41882890c223168b0a5521d99e8d92aa
  branch: rails31
  specs:
    redhillonrails_core (2.0.0.pre)
      activerecord (>= 3.1.0.rc)

GIT
  remote: git://github.com/rdblue/grack.git
  revision: 020be3fef3fb308b9d214252522aa5945bf6584a
  specs:
    grack (0.2.0)

GIT
  remote: git://github.com/warpc/grit.git
  revision: f04f779fb052725b964ba259f8073a34e493c0c7
  specs:
    grit (2.5.0)
      diff-lcs (~> 1.1)
      mime-types (~> 1.15)
      posix-spawn (~> 0.3.6)

GEM
  remote: http://rubygems.org/
  specs:
    RedCloth (4.2.9)
    actionmailer (3.2.8)
      actionpack (= 3.2.8)
      mail (~> 2.4.4)
    actionpack (3.2.8)
      activemodel (= 3.2.8)
      activesupport (= 3.2.8)
      builder (~> 3.0.0)
      erubis (~> 2.7.0)
      journey (~> 1.0.4)
      rack (~> 1.4.0)
      rack-cache (~> 1.2)
      rack-test (~> 0.6.1)
      sprockets (~> 2.1.3)
    activemodel (3.2.8)
      activesupport (= 3.2.8)
      builder (~> 3.0.0)
    activerecord (3.2.8)
      activemodel (= 3.2.8)
      activesupport (= 3.2.8)
      arel (~> 3.0.2)
      tzinfo (~> 0.3.29)
    activeresource (3.2.8)
      activemodel (= 3.2.8)
      activesupport (= 3.2.8)
    activesupport (3.2.8)
      i18n (~> 0.6)
      multi_json (~> 1.0)
    airbrake (3.1.2)
      activesupport
      builder
    ancestry (1.3.0)
      activerecord (>= 2.3.14)
    arel (3.0.2)
    bcrypt-ruby (3.0.1)
    blankslate (2.1.2.4)
    bluepill (0.0.60)
      activesupport (>= 3.0.0)
      daemons (~> 1.1.4, <= 1.1.6)
      i18n (>= 0.5.0)
      state_machine (~> 1.1.0)
    builder (3.0.0)
    cancan (1.6.7)
    cape (1.4.0)
    capistrano (2.12.0)
      highline
      net-scp (>= 1.0.0)
      net-sftp (>= 2.0.0)
      net-ssh (>= 2.0.14)
      net-ssh-gateway (>= 1.1.0)
    capistrano_colors (0.5.5)
    charlock_holmes (0.6.9)
    chronic (0.6.7)
    chunky_png (1.2.6)
    cocaine (0.2.1)
    coffee-rails (3.2.2)
      coffee-script (>= 2.2.0)
      railties (~> 3.2.0)
    coffee-script (2.2.0)
      coffee-script-source
      execjs
    coffee-script-source (1.3.3)
    compass (0.12.2)
      chunky_png (~> 1.2)
      fssm (>= 0.2.7)
      sass (~> 3.1)
    compass-rails (1.0.3)
      compass (>= 0.12.2, < 0.14)
    creole (0.4.2)
    daemons (1.1.6)
    devise (2.1.2)
      bcrypt-ruby (~> 3.0)
      orm_adapter (~> 0.1)
      railties (~> 3.1)
      warden (~> 1.2.1)
    diff-display (0.0.1)
    diff-lcs (1.1.3)
    ejs (1.0.0)
    erubis (2.7.0)
    escape_utils (0.2.4)
    eventmachine (0.12.10)
    execjs (1.4.0)
      multi_json (~> 1.0)
    expression_parser (0.9.0)
    factory_girl (4.0.0)
      activesupport (>= 3.0.0)
    factory_girl_rails (4.0.0)
      factory_girl (~> 4.0.0)
      railties (>= 3.0.0)
    ffi (1.0.11)
    fssm (0.2.9)
    github-linguist (2.2.1)
      charlock_holmes (~> 0.6.6)
      escape_utils (~> 0.2.3)
      mime-types (~> 1.18)
      pygments.rb (>= 0.2.13)
    github-markdown (0.5.0)
    github-markup (0.7.4)
    gollum (2.1.3)
      github-markdown
      github-markup (>= 0.7.0, < 1.0.0)
      grit (~> 2.5.0)
      mustache (>= 0.11.2, < 1.0.0)
      nokogiri (~> 1.4)
      posix-spawn (~> 0.3.0)
      pygments.rb (~> 0.2.0)
      sanitize (~> 2.0.0)
      sinatra (~> 1.0)
      stringex (~> 1.4.0)
      useragent (~> 0.4.9)
    haml (3.1.7)
    haml-rails (0.3.4)
      actionpack (~> 3.0)
      activesupport (~> 3.0)
      haml (~> 3.0)
      railties (~> 3.0)
    hashie (1.2.0)
    highline (1.6.13)
    hike (1.2.1)
    hirb (0.7.0)
    i18n (0.6.0)
    jbuilder (0.4.3)
      activesupport (>= 3.0.0)
      blankslate (>= 2.1.2.4)
    journey (1.0.4)
    jquery-rails (2.0.2)
      railties (>= 3.2.0, < 5.0)
      thor (~> 0.14)
    json (1.7.4)
    kgio (2.7.4)
    libv8 (3.3.10.4)
    macaddr (1.6.1)
      systemu (~> 2.5.0)
    mail (2.4.4)
      i18n (>= 0.4.0)
      mime-types (~> 1.16)
      treetop (~> 1.4.8)
    mailcatcher (0.5.8)
      activesupport (~> 3.0)
      eventmachine (~> 0.12)
      haml (~> 3.1)
      mail (~> 2.3)
      sinatra (~> 1.2)
      skinny (~> 0.2, >= 0.2.1)
      sqlite3 (~> 1.3)
      thin (~> 1.2)
    meta-tags (1.2.6)
      actionpack
    mime-types (1.19)
    multi_json (1.3.6)
    mustache (0.99.4)
    net-scp (1.0.4)
      net-ssh (>= 1.99.1)
    net-sftp (2.0.5)
      net-ssh (>= 2.0.9)
    net-ssh (2.5.2)
    net-ssh-gateway (1.1.0)
      net-ssh (>= 1.99.1)
    newrelic_rpm (3.4.1)
    nokogiri (1.5.5)
    omniauth (1.1.0)
      hashie (~> 1.2)
      rack
    omniauth-openid (1.0.1)
      omniauth (~> 1.0)
      rack-openid (~> 1.3.1)
    orm_adapter (0.4.0)
    paperclip (3.1.4)
      activemodel (>= 3.0.0)
      activerecord (>= 3.0.0)
      activesupport (>= 3.0.0)
      cocaine (>= 0.0.2)
      mime-types
    perform_later (1.3.0)
      rails (~> 3.0)
      redis
      resque
    pg (0.14.0)
    polyglot (0.3.3)
    posix-spawn (0.3.6)
    pygments.rb (0.2.13)
      rubypython (~> 0.5.3)
    rack (1.4.1)
    rack-cache (1.2)
      rack (>= 0.4)
    rack-openid (1.3.1)
      rack (>= 1.1.0)
      ruby-openid (>= 2.1.8)
    rack-protection (1.2.0)
      rack
    rack-ssl (1.3.2)
      rack
    rack-test (0.6.1)
      rack (>= 1.0)
    rack-throttle (0.3.0)
      rack (>= 1.0.0)
    rails (3.2.8)
      actionmailer (= 3.2.8)
      actionpack (= 3.2.8)
      activerecord (= 3.2.8)
      activeresource (= 3.2.8)
      activesupport (= 3.2.8)
      bundler (~> 1.0)
      railties (= 3.2.8)
    rails-backbone (0.7.2)
      coffee-script (~> 2.2.0)
      ejs (~> 1.0.0)
      railties (>= 3.1.0)
    rails3-generators (0.17.4)
      railties (>= 3.0.0)
    rails3-jquery-autocomplete (1.0.7)
      rails (~> 3.0)
    railties (3.2.8)
      actionpack (= 3.2.8)
      activesupport (= 3.2.8)
      rack-ssl (~> 1.3.2)
      rake (>= 0.8.7)
      rdoc (~> 3.4)
      thor (>= 0.14.6, < 2.0)
    raindrops (0.10.0)
    rake (0.9.2.2)
    rdiscount (1.6.8)
    rdoc (3.12)
      json (~> 1.4)
    redcarpet (1.17.2)
    redis (3.0.1)
    redis-namespace (1.2.1)
      redis (~> 3.0.0)
    redisk (0.2.2)
      redis (>= 0.1.1)
      redis-namespace (>= 0.1.0)
    resque (1.21.0)
      multi_json (~> 1.0)
      redis-namespace (~> 1.0)
      sinatra (>= 0.9.2)
      vegas (~> 0.1.2)
    resque-status (0.3.3)
      redisk (>= 0.2.1)
      resque (~> 1.19)
      uuid (~> 2.3)
    resque_mailer (2.1.0)
      actionmailer (~> 3.0)
    rr (1.0.4)
    rspec (2.11.0)
      rspec-core (~> 2.11.0)
      rspec-expectations (~> 2.11.0)
      rspec-mocks (~> 2.11.0)
    rspec-core (2.11.1)
    rspec-expectations (2.11.2)
      diff-lcs (~> 1.1.3)
    rspec-mocks (2.11.2)
    rspec-rails (2.11.0)
      actionpack (>= 3.0)
      activesupport (>= 3.0)
      railties (>= 3.0)
      rspec (~> 2.11.0)
    ruby-haml-js (0.0.3)
      execjs
      sprockets (>= 2.0.0)
    ruby-openid (2.2.0)
    rubypython (0.5.3)
      blankslate (>= 2.1.2.3)
      ffi (~> 1.0.7)
    russian (0.6.0)
      i18n (>= 0.5.0)
    rvm-capistrano (1.2.5)
      capistrano (>= 2.0.0)
    sanitize (2.0.3)
      nokogiri (>= 1.4.4, < 1.6)
    sass (3.2.0)
    sass-rails (3.2.5)
      railties (~> 3.2.0)
      sass (>= 3.1.10)
      tilt (~> 1.3)
    shotgun (0.9)
      rack (>= 1.0)
    shoulda (3.1.1)
      shoulda-context (~> 1.0)
      shoulda-matchers (~> 1.2)
    shoulda-context (1.0.0)
    shoulda-matchers (1.2.0)
      activesupport (>= 3.0.0)
    sinatra (1.3.2)
      rack (~> 1.3, >= 1.3.6)
      rack-protection (~> 1.2)
      tilt (~> 1.3, >= 1.3.3)
    skinny (0.2.1)
      eventmachine (~> 0.12)
      thin (~> 1.2)
    sprockets (2.1.3)
      hike (~> 1.2)
      rack (~> 1.0)
      tilt (~> 1.1, != 1.3.0)
    sqlite3 (1.3.6)
    state_machine (1.1.2)
    stringex (1.4.0)
    systemu (2.5.2)
    therubyracer (0.10.2)
      libv8 (~> 3.3.10)
    thin (1.4.1)
      daemons (>= 1.0.9)
      eventmachine (>= 0.12.6)
      rack (>= 1.0.0)
    thor (0.16.0)
    tilt (1.3.3)
    treetop (1.4.10)
      polyglot
      polyglot (>= 0.3.1)
    tzinfo (0.3.33)
    uglifier (1.2.7)
      execjs (>= 0.3.0)
      multi_json (~> 1.3)
    unicorn (4.3.1)
      kgio (~> 2.6)
      rack
      raindrops (~> 0.7)
    useragent (0.4.10)
    uuid (2.3.5)
      macaddr (~> 1.0)
    vegas (0.1.11)
      rack (>= 1.0.0)
    warden (1.2.1)
      rack (>= 1.0)
    whenever (0.7.3)
      activesupport (>= 2.3.4)
      chronic (~> 0.6.3)
    wikicloth (0.8.0)
      builder
      expression_parser
    will_paginate (3.0.3)

PLATFORMS
  ruby

DEPENDENCIES
  RedCloth
  airbrake (~> 3.1.2)
  ancestry (~> 1.3.0)
  bluepill (~> 0.0.60)
  cancan (= 1.6.7)
  cape
  capistrano
  capistrano_colors
  charlock_holmes (~> 0.6.9)
  coffee-rails (~> 3.2.2)
  compass-rails (~> 1.0.3)
  creole
  devise (~> 2.1.2)
  diff-display (~> 0.0.1)
  factory_girl_rails (~> 4.0.0)
  github-linguist (~> 2.2.1)
  gollum (~> 2.1.3)
  grack!
  grit!
  haml-rails (~> 0.3.4)
  highline (~> 1.6.11)
  hirb
  jbuilder (~> 0.4.0)
  jquery-rails (~> 2.0.2)
  mailcatcher
  meta-tags (~> 1.2.5)
  newrelic_rpm (~> 3.4.1)
  omniauth (~> 1.1.0)
  omniauth-openid (~> 1.0.1)
  paperclip (~> 3.1.4)
  perform_later (~> 1.3.0)
  pg (~> 0.14.0)
  rack-throttle
  rails (= 3.2.8)
  rails-backbone (~> 0.7.2)
  rails3-generators
  rails3-jquery-autocomplete (~> 1.0.7)
  rdiscount
  redcarpet (= 1.17.2)
  redhillonrails_core!
  resque (~> 1.21.0)
  resque-status (~> 0.3.3)
  resque_mailer (~> 2.1.0)
  rr (~> 1.0.4)
  rspec-rails (~> 2.11.0)
  ruby-haml-js (~> 0.0.3)
  russian (~> 0.6.0)
  rvm-capistrano
  sass-rails (~> 3.2.5)
  shotgun
  shoulda
  state_machine
  therubyracer (~> 0.10.2)
  therubyrhino (~> 1.73.1)
  trinidad (~> 1.0.2)
  uglifier (~> 1.2.4)
  unicorn (~> 4.3.1)
  whenever (~> 0.7.3)
  wikicloth
  will_paginate (~> 3.0.3)
